GEM
  remote: http://rubygems.org/
  specs:
    ZenTest (4.10.0)
    activemodel (4.1.2)
      activesupport (= 4.1.2)
      builder (~> 3.1)
    activerecord (4.1.2)
      activemodel (= 4.1.2)
      activesupport (= 4.1.2)
      arel (~> 5.0.0)
    activesupport (4.1.2)
      i18n (~> 0.6, >= 0.6.9)
      json (~> 1.7, >= 1.7.7)
      minitest (~> 5.1)
      thread_safe (~> 0.1)
      tzinfo (~> 1.1)
    arel (5.0.1.20140414130214)
    autotest-growl (0.2.16)
    builder (3.2.2)
    i18n (0.6.9)
    json (1.8.1)
    minitest (5.3.5)
    rake (10.3.2)
    sqlite3 (1.3.9)
    thread_safe (0.3.4)
    tzinfo (1.2.1)
      thread_safe (~> 0.1)

PLATFORMS
  ruby

DEPENDENCIES
  ZenTest
  activerecord (~> 4.1)
  activerecord-jdbcsqlite3-adapter
  activesupport (~> 4.1)
  autotest-growl
  minitest
  rake
  sqlite3
